GIT
  remote: https://github.com/rlister/stax
  revision: b6b1b50dbc3a2cacbd7a89d134f99d195ff88d7d
  specs:
    stax (0.0.1)
      awful (>= 0.0.168)
      cfer (= 0.5.0)
      octokit
      thor

GEM
  remote: https://rubygems.org/
  specs:
    activesupport (5.0.2)
      concurrent-ruby (~> 1.0, >= 1.0.2)
      i18n (~> 0.7)
      minitest (~> 5.1)
      tzinfo (~> 1.1)
    addressable (2.5.0)
      public_suffix (~> 2.0, >= 2.0.2)
    awful (0.0.170)
      aws-sdk (>= 2.8.0)
      dotenv
      thor
    aws-sdk (2.8.0)
      aws-sdk-resources (= 2.8.0)
    aws-sdk-core (2.8.0)
      aws-sigv4 (~> 1.0)
      jmespath (~> 1.0)
    aws-sdk-resources (2.8.0)
      aws-sdk-core (= 2.8.0)
    aws-sigv4 (1.0.0)
    cfer (0.5.0)
      activesupport (>= 3)
      aws-sdk (~> 2.2)
      aws-sdk-resources (~> 2.2)
      cri (~> 2.7)
      docile (~> 1.1)
      git (~> 1.3)
      highline (~> 1.7)
      preconditions (~> 0.3.0)
      rainbow (~> 2.1)
      semantic (~> 1.4)
      table_print (~> 1.5)
    colored (1.2)
    concurrent-ruby (1.0.5)
    coreos_ami (0.0.4)
      trollop
    cri (2.7.1)
      colored (~> 1.2)
    docile (1.1.5)
    dotenv (2.2.0)
    faraday (0.11.0)
      multipart-post (>= 1.2, < 3)
    git (1.3.0)
    highline (1.7.8)
    httparty (0.14.0)
      multi_xml (>= 0.5.2)
    i18n (0.8.1)
    ipaddress (0.8.3)
    jmespath (1.3.1)
    minitest (5.10.1)
    multi_xml (0.6.0)
    multipart-post (2.0.0)
    octokit (4.6.2)
      sawyer (~> 0.8.0, >= 0.5.3)
    preconditions (0.3.0)
    public_suffix (2.0.5)
    rainbow (2.2.1)
    sawyer (0.8.1)
      addressable (>= 2.3.5, < 2.6)
      faraday (~> 0.8, < 1.0)
    semantic (1.6.0)
    table_print (1.5.6)
    thor (0.19.4)
    thread_safe (0.3.6)
    trollop (2.1.2)
    tzinfo (1.2.2)
      thread_safe (~> 0.1)

PLATFORMS
  ruby

DEPENDENCIES
  coreos_ami
  httparty
  ipaddress
  stax!

BUNDLED WITH
   1.14.5
